GEM
  remote: https://rubygems.org/
  specs:
    ansi (1.5.0)
    builder (3.2.4)
    byebug (9.1.0)
    minitest (5.17.0)
    minitest-reporters (1.6.1)
      ansi
      builder
      minitest (>= 5.0)
      ruby-progressbar
    ruby-progressbar (1.13.0)

PLATFORMS
  -darwin-21

DEPENDENCIES
  byebug (~> 9.0, >= 9.0.6)
  minitest
  minitest-reporters

BUNDLED WITH
   2.3.25
